NUGET
  remote: https://nuget.org/api/v2
  specs:
    NLog (3.1.0.0)
